GEM
  remote: http://rubygems.org/
  specs:
    bson (1.4.0)
    bson_ext (1.4.0)
    mongo (1.4.0)
      bson (= 1.4.0)
    rake (0.9.2.2)

PLATFORMS
  ruby

DEPENDENCIES
  bson_ext
  mongo
  rake
